PATH
  remote: .
  specs:
    mock_braintree (0.2.1)

GEM
  remote: https://rubygems.org/
  specs:
    rake (10.5.0)

PLATFORMS
  ruby

DEPENDENCIES
  bundler (~> 2.0)
  mock_braintree!
  rake (~> 10.0)

BUNDLED WITH
   2.0.1
